PATH
  remote: .
  specs:
    automatic_foreign_key (1.2.0)
      activerecord (>= 2)
      redhillonrails_core (~> 1.1.2)

GEM
  remote: http://rubygems.org/
  specs:
    activemodel (3.0.3)
      activesupport (= 3.0.3)
      builder (~> 2.1.2)
      i18n (~> 0.4)
    activerecord (3.0.3)
      activemodel (= 3.0.3)
      activesupport (= 3.0.3)
      arel (~> 2.0.2)
      tzinfo (~> 0.3.23)
    activesupport (3.0.3)
    arel (2.0.7)
    builder (2.1.2)
    diff-lcs (1.1.2)
    i18n (0.5.0)
    mysql (2.8.1)
    mysql2 (0.2.6)
    pg (0.10.0)
    redhillonrails_core (1.1.2)
      activerecord
    rspec (2.4.0)
      rspec-core (~> 2.4.0)
      rspec-expectations (~> 2.4.0)
      rspec-mocks (~> 2.4.0)
    rspec-core (2.4.0)
    rspec-expectations (2.4.0)
      diff-lcs (~> 1.1.2)
    rspec-mocks (2.4.0)
    sqlite3 (1.3.3)
    tzinfo (0.3.24)

PLATFORMS
  ruby

DEPENDENCIES
  automatic_foreign_key!
  mysql
  mysql2
  pg
  rspec (~> 2.4.0)
  sqlite3
